GEM
  remote: http://rubygems.org/
  specs:
    ZenTest (4.6.2)
    active_support (3.0.0)
      activesupport (= 3.0.0)
    activesupport (3.0.0)
    diff-lcs (1.1.3)
    ffi (1.0.11)
    nokogiri (1.5.0)
    rspec (2.7.0)
      rspec-core (~> 2.7.0)
      rspec-expectations (~> 2.7.0)
      rspec-mocks (~> 2.7.0)
    rspec-core (2.7.1)
    rspec-expectations (2.7.0)
      diff-lcs (~> 1.1.2)
    rspec-mocks (2.7.0)
    rubypeg (0.0.4)
      rubyscriptwriter
    rubyscriptwriter (0.0.2)

PLATFORMS
  ruby

DEPENDENCIES
  ZenTest
  active_support
  ffi
  nokogiri
  rspec
  rubypeg
